PATH
  remote: .
  specs:
    example (0.0.1)
      sorbet-runtime
      yard

GEM
  remote: https://rubygems.org/
  specs:
    sorbet (0.4.4405)
      sorbet-static (= 0.4.4405)
    sorbet-runtime (0.4.4405)
    sorbet-static (0.4.4405-universal-darwin-14)
    yard (0.9.20)

PLATFORMS
  ruby

DEPENDENCIES
  example!
  sorbet

BUNDLED WITH
   2.0.1
